GEM
  remote: https://rubygems.org/
  specs:
    aws-sigv4 (1.0.3)
    byebug (10.0.2)
    thor (0.20.0)
    vault (0.12.0)
      aws-sigv4

PLATFORMS
  ruby

DEPENDENCIES
  byebug
  thor
  vault (~> 0.12)

BUNDLED WITH
   1.16.2
