GEM
  remote: https://gems.ruby-china.org/
  specs:
    rack (2.0.3)

PLATFORMS
  ruby

DEPENDENCIES
  rack

BUNDLED WITH
   1.16.1
